GEM
  remote: https://rubygems.org/
  specs:
    deep_merge (1.0.1)
    mixlib-shellout (2.1.0)

PLATFORMS
  ruby

DEPENDENCIES
  deep_merge
  mixlib-shellout
