GEM
  remote: https://rubygems.org/
  specs:
    deep_merge (1.0.1)

PLATFORMS
  ruby

DEPENDENCIES
  deep_merge

BUNDLED WITH
   1.11.2
